GEM
  remote: http://rubygems.org/
  specs:
    commonjs (0.2.0)
      therubyracer (~> 0.9.9)
    less (2.0.9)
      commonjs (~> 0.2.0)
      therubyracer (~> 0.9.9)
    libv8 (3.3.10.4)
    rack (1.4.0)
    rack-contrib (1.1.0)
      rack (>= 0.9.1)
    rack-less (3.0.2)
      less (~> 2.0)
      rack (~> 1.0)
    shotgun (0.9)
      rack (>= 1.0)
    therubyracer (0.9.10)
      libv8 (~> 3.3.10)

PLATFORMS
  ruby

DEPENDENCIES
  rack
  rack-contrib
  rack-less
  shotgun
